PATH
  remote: .
  specs:
    openssl-extensions (1.2.0)

GEM
  remote: http://rubygems.org/
  specs:
    diff-lcs (1.1.2)
    fuubar (0.0.3)
      rspec (~> 2.0)
      rspec-instafail (~> 0.1.4)
      ruby-progressbar (~> 0.0.9)
    rspec (2.4.0)
      rspec-core (~> 2.4.0)
      rspec-expectations (~> 2.4.0)
      rspec-mocks (~> 2.4.0)
    rspec-core (2.4.0)
    rspec-expectations (2.4.0)
      diff-lcs (~> 1.1.2)
    rspec-instafail (0.1.5)
    rspec-mocks (2.4.0)
    ruby-progressbar (0.0.9)

PLATFORMS
  ruby

DEPENDENCIES
  fuubar (~> 0.0.1)
  openssl-extensions!
  rspec (~> 2.4.0)
